GEM
  remote: https://rubygems.org/
  specs:
    activemodel (4.0.2)
      activesupport (= 4.0.2)
      builder (~> 3.1.0)
    activerecord (4.0.2)
      activemodel (= 4.0.2)
      activerecord-deprecated_finders (~> 1.0.2)
      activesupport (= 4.0.2)
      arel (~> 4.0.0)
    activerecord-deprecated_finders (1.0.3)
    activesupport (4.0.2)
      i18n (~> 0.6, >= 0.6.4)
      minitest (~> 4.2)
      multi_json (~> 1.3)
      thread_safe (~> 0.1)
      tzinfo (~> 0.3.37)
    addressable (2.3.5)
    arel (4.0.1)
    atomic (1.1.14)
    buftok (0.2.0)
    builder (3.1.4)
    descendants_tracker (0.0.3)
    diff-lcs (1.1.3)
    equalizer (0.0.9)
    fakeweb (1.3.0)
    faraday (0.9.0)
      multipart-post (>= 1.2, < 3)
    http (0.5.0)
      http_parser.rb
    http_parser.rb (0.6.0)
    i18n (0.6.9)
    json (1.8.1)
    memoizable (0.4.0)
      thread_safe (~> 0.1.3)
    mini_portile (0.5.2)
    minitest (4.7.5)
    multi_json (1.8.4)
    multipart-post (2.0.0)
    mysql2 (0.3.14)
    naught (1.0.0)
    nokogiri (1.6.1)
      mini_portile (~> 0.5.0)
    rspec (2.11.0)
      rspec-core (~> 2.11.0)
      rspec-expectations (~> 2.11.0)
      rspec-mocks (~> 2.11.0)
    rspec-core (2.11.1)
    rspec-expectations (2.11.2)
      diff-lcs (~> 1.1.3)
    rspec-mocks (2.11.2)
    simple_oauth (0.2.0)
    thread_safe (0.1.3)
      atomic
    twitter (5.6.0)
      addressable (~> 2.3)
      buftok (~> 0.2.0)
      descendants_tracker (~> 0.0.3)
      equalizer (~> 0.0.9)
      faraday (~> 0.9.0)
      http (~> 0.5.0)
      http_parser.rb (~> 0.6.0)
      json (~> 1.8)
      memoizable (~> 0.4.0)
      naught (~> 1.0)
      simple_oauth (~> 0.2.0)
    tzinfo (0.3.38)

PLATFORMS
  ruby

DEPENDENCIES
  activerecord (~> 4.0.0)
  fakeweb (~> 1.3)
  mysql2
  nokogiri
  rspec
  twitter (~> 5.6.0)
